GEM
  remote: https://rubygems.org/
  specs:
    geocoder (1.2.5)
    rack (1.4.0)

PLATFORMS
  ruby

DEPENDENCIES
  geocoder (~> 1.2.5)
  rack (= 1.4)
