GEM
  remote: https://rubygems.org/
  specs:
    geocoder (1.2.5)
    rack (1.5.2)
    rack-protection (1.5.3)
      rack
    sass (3.4.2)
    sinatra (1.4.5)
      rack (~> 1.4)
      rack-protection (~> 1.4)
      tilt (~> 1.3, >= 1.3.4)
    tilt (1.4.1)

PLATFORMS
  ruby

DEPENDENCIES
  geocoder (~> 1.2.5)
  sass (~> 3.4.2)
  sinatra (~> 1.4.5)
